GEM
  remote: http://rubygems.org/
  specs:
pageflow
       mysql2 (~> 0.3.16)
       rspec-rails (~> 2.14)
       capybara (~> 2.4)
       capybara-webkit (~> 1.3)
       domino (~> 0.7.0)
       factory_girl_rails (~> 4.5)
       database_cleaner (~> 1.2)
       timecop (~> 0.7.1)
       rspec-instafail (~> 0.2.6)
       colorize (~> 0.7.5)
       teaspoon (~> 0.9.0)
       webmock (~> 1.20)
       rails (= 4.0.4)
       pageflow-support
       state_machine
       activeadmin
       ransack
       inherited_resources (= 1.4.1)
       formtastic (= 2.3.0)
       teaspoon (~> 0.9.0)
       spring-commands-rspec
       spring-commands-teaspoon

PLATFORMS
  ruby

DEPENDENCIES
  coffee-rails (~> 4.0.0)
  jbuilder (~> 2.0)
  jquery-rails
  pg
  puma
  rails (= 4.2.3)
  rails_12factor
  sass-rails (~> 5.0.3)
  sdoc (~> 0.4.0)
  spring
  turbolinks
  uglifier (>= 1.3.0)

BUNDLED WITH
   1.10.6
