GEM
  remote: https://rubygems.org/
  specs:
  pageflow (0.1.0)
       activeadmin
       ar_after_transaction
       aws-sdk
     arbre (1.0.1)
       activesupport (>= 3.0.0)
     arel (4.0.2)
     aws-sdk (1.40.3)
       json (~> 1.4)
       nokogiri (>= 1.4.4)
     backbone-rails (1.0.0.1)
       sprockets (~> 2.8)
     sqlite3 (1.3.9)
     state_machine (1.2.0)
     state_machine_job (0.1.0)
       resque
       resque-logger
       state_machine
